GEM
  remote: https://rubygems.org/
  specs:
    ruby-fsevent (0.2.1)
    terminal-notifier (1.5.1)

PLATFORMS
  ruby

DEPENDENCIES
  ruby-fsevent
  terminal-notifier
